GEM
  remote: https://rubygems.org/
  specs:
    byebug (11.1.3)
    google-protobuf (3.23.4-x86_64-linux)
    googleapis-common-protos-types (1.6.0)
      google-protobuf (~> 3.14)
    grpc (1.56.0-x86_64-linux)
      google-protobuf (~> 3.23)
      googleapis-common-protos-types (~> 1.0)

PLATFORMS
  x86_64-linux

DEPENDENCIES
  byebug
  grpc

BUNDLED WITH
   2.4.1
